PATH
  remote: .
  specs:
    courier-tweeter (0.0.1)
      jwt
      twirp
      typhoeus

GEM
  remote: https://rubygems.org/
  specs:
    ethon (0.11.0)
      ffi (>= 1.3.0)
    faraday (0.15.2)
      multipart-post (>= 1.2, < 3)
    ffi (1.9.25)
    google-protobuf (3.6.0)
    jwt (2.1.0)
    multipart-post (2.0.0)
    twirp (1.0.0)
      faraday (~> 0)
      google-protobuf (~> 3.0, >= 3.0.0)
    typhoeus (1.3.0)
      ethon (>= 0.9.0)

PLATFORMS
  ruby

DEPENDENCIES
  courier-tweeter!

BUNDLED WITH
   1.16.1
